GEM
  remote: https://rubygems.org/
  specs:
    power_assert (0.2.7)
    test-unit (3.1.7)
      power_assert
    thor (0.19.1)

PLATFORMS
  ruby
  x64-mingw32

DEPENDENCIES
  test-unit
  thor

BUNDLED WITH
   1.10.6
